GEM
  remote: https://rubygems.org/
  specs:
    addressable (2.3.5)
    blankslate (2.1.2.4)
    coderay (1.0.9)
    ebnf (0.3.1)
      rdf
      sxp
    edn (1.0.0)
      parslet (~> 1.4.0)
    ffi (1.9.0-java)
    jist (1.5.1)
      json
    json (1.8.0-java)
    method_source (0.8.1)
    parslet (1.4.0)
      blankslate (~> 2.0)
    pry (0.9.12.2-java)
      coderay (~> 1.0.5)
      method_source (~> 0.8)
      slop (~> 3.4)
      spoon (~> 0.0)
    pry-doc (0.4.6)
      pry (>= 0.9)
      yard (>= 0.8)
    puma (2.2.2-java)
      rack (>= 1.1, < 2.0)
    rack (1.5.2)
    rack-protection (1.5.0)
      rack
    rake (10.1.0)
    rdf (1.0.7)
      addressable (>= 2.2)
    rdf-turtle (1.0.8)
      ebnf (>= 0.3.0)
      rdf (>= 1.0.7)
    sinatra (1.4.3)
      rack (~> 1.4)
      rack-protection (~> 1.4)
      tilt (~> 1.3, >= 1.3.4)
    slop (3.4.5)
    spoon (0.0.4)
      ffi
    sxp (0.1.3)
      json (>= 1.1.1)
    thor (0.18.1)
    tilt (1.4.1)
    torquebox (2.3.0)
      thor (>= 0.14.6)
      torquebox-cache (= 2.3.0)
      torquebox-configure (= 2.3.0)
      torquebox-core (= 2.3.0)
      torquebox-messaging (= 2.3.0)
      torquebox-naming (= 2.3.0)
      torquebox-rake-support (= 2.3.0)
      torquebox-security (= 2.3.0)
      torquebox-stomp (= 2.3.0)
      torquebox-transactions (= 2.3.0)
      torquebox-web (= 2.3.0)
    torquebox-cache (2.3.0-java)
      torquebox-core (= 2.3.0)
      torquebox-transactions (= 2.3.0)
    torquebox-configure (2.3.0-java)
      blankslate (= 2.1.2.4)
    torquebox-core (2.3.0-java)
    torquebox-messaging (2.3.0-java)
      edn (= 1.0.0)
      torquebox-core (= 2.3.0)
      torquebox-transactions (= 2.3.0)
    torquebox-naming (2.3.0-java)
    torquebox-rake-support (2.3.0)
      rake (>= 0.8.7)
    torquebox-security (2.3.0-java)
      torquebox-core (= 2.3.0)
    torquebox-server (2.3.0-java)
      torquebox (= 2.3.0)
    torquebox-stomp (2.3.0)
      torquebox-core (= 2.3.0)
      torquebox-messaging (= 2.3.0)
    torquebox-transactions (2.3.0)
      torquebox-core (= 2.3.0)
    torquebox-web (2.3.0-java)
    yard (0.8.6.2)

PLATFORMS
  java

DEPENDENCIES
  jist
  pry
  pry-doc
  puma (= 2.2.2)
  rdf
  rdf-turtle
  sinatra
  torquebox-server
